GEM
  remote: http://rubygems.org/
  specs:
    git (1.2.5)
    jeweler (1.6.2)
      bundler (~> 1.0)
      git (>= 1.2.5)
      rake
    rake (0.8.3)

PLATFORMS
  ruby

DEPENDENCIES
  jeweler (~> 1.6.2)
